PATH
  remote: .
  specs:
    bitmask_attributes (0.2.2)
      activerecord (~> 3.0)

GEM
  remote: http://rubygems.org/
  specs:
    activemodel (3.1.1)
      activesupport (= 3.1.1)
      builder (~> 3.0.0)
      i18n (~> 0.6)
    activerecord (3.1.1)
      activemodel (= 3.1.1)
      activesupport (= 3.1.1)
      arel (~> 2.2.1)
      tzinfo (~> 0.3.29)
    activesupport (3.1.1)
      multi_json (~> 1.0)
    ansi (1.3.0)
    arel (2.2.1)
    builder (3.0.0)
    i18n (0.6.0)
    multi_json (1.0.3)
    rake (0.9.2.2)
    shoulda (2.11.3)
    sqlite3 (1.3.4)
    turn (0.8.2)
      ansi (>= 1.2.2)
    tzinfo (0.3.30)

PLATFORMS
  ruby

DEPENDENCIES
  bitmask_attributes!
  rake
  shoulda
  sqlite3 (>= 1.3.4)
  turn
